GEM
  remote: https://rubygems.org/
  specs:
    concurrent-ruby (1.2.3)
    cpf_utils (1.3.1)
    faker (3.2.3)
      i18n (>= 1.8.11, < 2)
    i18n (1.14.1)
      concurrent-ruby (~> 1.0)

PLATFORMS
  arm64-darwin-23
  ruby

DEPENDENCIES
  cpf_utils
  faker

BUNDLED WITH
   2.5.3
